GIT
  remote: https://github.com/scheduledapp/xero-min.git
  revision: bfc679fb53690cb9aad913a473af44f3edb83278
  specs:
    xero-min (0.0.9)
      escape_utils (>= 0.3.2)
      nokogiri (~> 1)
      oauth (~> 0.4)
      typhoeus (~> 0.2)

GEM
  remote: https://rubygems.org/
  specs:
    aws-sdk (2.6.14)
      aws-sdk-resources (= 2.6.14)
    aws-sdk-core (2.6.14)
      jmespath (~> 1.0)
    aws-sdk-resources (2.6.14)
      aws-sdk-core (= 2.6.14)
    escape_utils (1.2.1)
    ffi (1.9.18)
    jmespath (1.3.1)
    mime-types (1.25.1)
    mini_portile2 (2.1.0)
    nokogiri (1.7.0.1)
      mini_portile2 (~> 2.1.0)
    oauth (0.4.7)
    terminal-table (1.7.3)
      unicode-display_width (~> 1.1.1)
    trollop (2.1.2)
    typhoeus (0.4.2)
      ffi (~> 1.0)
      mime-types (~> 1.18)
    unicode-display_width (1.1.3)

PLATFORMS
  ruby

DEPENDENCIES
  aws-sdk (~> 2)
  oauth (~> 0.4.0)
  terminal-table
  trollop
  typhoeus (~> 0.4.0)
  xero-min!

BUNDLED WITH
   1.12.5
